GEM
  remote: https://rubygems.org/
  specs:
    RedCloth (4.2.9)
    activesupport (7.0.4)
      concurrent-ruby (~> 1.0, >= 1.0.2)
      i18n (>= 1.6, < 2)
      minitest (>= 5.1)
      tzinfo (~> 2.0)
    blankslate (2.1.2.4)
    classifier (1.3.5)
      fast-stemmer (~> 1.0.0)
      mathn
      rake
    colorator (0.1)
    commander (4.1.6)
      highline (~> 1.6.11)
    commonmarker (0.23.6)
    concurrent-ruby (1.1.10)
    faraday (0.17.5)
      multipart-post (>= 1.2, < 3)
    fast-stemmer (1.0.2)
    ffi (1.15.5)
    ffi (1.15.5-x64-mingw32)
    gemoji (1.5.0)
    github-pages (20)
      RedCloth (= 4.2.9)
      jekyll (= 1.5.1)
      jekyll-mentions (= 0.0.9)
      jekyll-redirect-from (= 0.3.1)
      jekyll-sitemap (= 0.3.0)
      jemoji (= 0.1.0)
      kramdown (= 1.3.1)
      liquid (= 2.5.5)
      maruku (= 0.7.0)
      rdiscount (= 2.1.7)
      redcarpet (= 2.3.0)
    highline (1.6.21)
    html-pipeline (1.5.0)
      activesupport (>= 2)
      nokogiri (~> 1.4)
    i18n (1.12.0)
      concurrent-ruby (~> 1.0)
    jekyll (1.5.1)
      classifier (~> 1.3)
      colorator (~> 0.1)
      commander (~> 4.1.3)
      liquid (~> 2.5.5)
      listen (~> 1.3)
      maruku (= 0.7.0)
      pygments.rb (~> 0.5.0)
      redcarpet (~> 2.3.0)
      safe_yaml (~> 1.0)
      toml (~> 0.1.0)
    jekyll-mentions (0.0.9)
      html-pipeline (~> 1.5.0)
      jekyll (~> 1.4)
    jekyll-redirect-from (0.3.1)
      jekyll (~> 1.4)
    jekyll-sitemap (0.3.0)
      jekyll (~> 1.4)
    jemoji (0.1.0)
      gemoji (~> 1.5.0)
      html-pipeline (~> 1.5.0)
      jekyll (~> 1.4)
    json (1.8.6)
    kramdown (1.3.1)
    liquid (2.5.5)
    listen (1.3.1)
      rb-fsevent (>= 0.9.3)
      rb-inotify (>= 0.9)
      rb-kqueue (>= 0.2)
    maruku (0.7.0)
    mathn (0.1.0)
    mini_portile2 (2.8.0)
    minitest (5.11.3)
    multipart-post (2.1.1)
    nokogiri (1.13.9)
      mini_portile2 (~> 2.8.0)
      racc (~> 1.4)
    parslet (1.5.0)
      blankslate (~> 2.0)
    polyglot (0.3.5)
    posix-spawn (0.3.15)
    pygments.rb (0.5.4)
      posix-spawn (~> 0.3.6)
      yajl-ruby (~> 1.1.0)
    racc (1.6.0)
    rake (13.0.6)
    rb-fsevent (0.10.3)
    rb-inotify (0.10.1)
      ffi (~> 1.0)
    rb-kqueue (0.2.8)
      ffi (>= 0.5.0)
    rdiscount (2.1.7)
    redcarpet (2.3.0)
    safe_yaml (1.0.5)
    slate (1.1.2)
      faraday (~> 0.8)
      json (~> 1.7)
      treetop (~> 1.4)
    toml (0.1.2)
      parslet (~> 1.5.0)
    treetop (1.6.10)
      polyglot (~> 0.3)
    tzinfo (2.0.5)
      concurrent-ruby (~> 1.0)
    yajl-ruby (1.1.0)

PLATFORMS
  ruby
  x64-mingw32

DEPENDENCIES
  github-pages
  nokogiri (>= 1.10.4)
  slate

BUNDLED WITH
   2.3.14
