GEM
  remote: https://rubygems.org/
  specs:

PLATFORMS

DEPENDENCIES
  github-pages
  nokogiri (>= 1.10.4)
  slate

BUNDLED WITH
   2.3.14
